GEM
  remote: https://rubygems.org/
  specs:
    ansi (1.5.0)
    builder (3.2.4)
    ffi (1.16.3)
    listen (3.8.0)
      rb-fsevent (~> 0.10, >= 0.10.3)
      rb-inotify (~> 0.9, >= 0.9.10)
    mhartl_palindrome (0.2.1)
    mini_portile2 (2.3.0)
    minitest (5.11.3)
    minitest-reporters (1.2.0)
      ansi
      builder
      minitest (>= 5.0)
      ruby-progressbar
    mustermann (1.1.2)
      ruby2_keywords (~> 0.0.1)
    nokogiri (1.8.4)
      mini_portile2 (~> 2.3.0)
    rack (2.2.8.1)
    rack-protection (2.1.0)
      rack
    rack-test (1.0.0)
      rack (>= 1.0, < 3)
    rake (12.3.1)
    rb-fsevent (0.11.2)
    rb-inotify (0.10.1)
      ffi (~> 1.0)
    rerun (0.13.0)
      listen (~> 3.0)
    ruby-progressbar (1.13.0)
    ruby2_keywords (0.0.5)
    sinatra (2.1.0)
      mustermann (~> 1.0)
      rack (~> 2.2)
      rack-protection (= 2.1.0)
      tilt (~> 2.0)
    tilt (2.3.0)

PLATFORMS
  x86_64-linux

DEPENDENCIES
  mhartl_palindrome (~> 0.2.1)
  minitest (= 5.11.3)
  minitest-reporters (= 1.2.0)
  nokogiri (= 1.8.4)
  rack-test (= 1.0.0)
  rake (= 12.3.1)
  rerun (= 0.13.0)
  sinatra (= 2.1.0)

RUBY VERSION
   ruby 3.0.2p107

BUNDLED WITH
   2.4.19
